PATH
  remote: ../..
  specs:
    react.rb (0.0.1)
      opal (~> 0.6.0)
      opal-activesupport

GEM
  remote: https://rubygems.org/
  specs:
    hike (1.2.3)
    json (1.8.2)
    multi_json (1.10.1)
    opal (0.6.3)
      source_map
      sprockets
    opal-activesupport (0.1.0)
      opal (>= 0.5.0, < 1.0.0)
    opal-jquery (0.2.0)
      opal (>= 0.5.0, < 1.0.0)
    rack (1.6.0)
    rack-protection (1.5.3)
      rack
    react-source (0.12.2)
    sinatra (1.4.5)
      rack (~> 1.4)
      rack-protection (~> 1.4)
      tilt (~> 1.3, >= 1.3.4)
    source_map (3.0.1)
      json
    sprockets (2.12.3)
      hike (~> 1.2)
      multi_json (~> 1.0)
      rack (~> 1.0)
      tilt (~> 1.1, != 1.3.0)
    tilt (1.4.1)

PLATFORMS
  ruby

DEPENDENCIES
  opal-jquery
  react-source
  react.rb!
  sinatra
