GIT
  remote: git://github.com/opal/vienna.git
  revision: 593335cbd7fb99ce471fa720e9b9c849d99b8dda
  ref: 593335cbd7fb99ce471fa720e9b9c849d99b8dda
  specs:
    vienna (0.0.2)
      opal (>= 0.5.0, < 1.0.0)
      opal-activesupport
      opal-jquery

PATH
  remote: ../..
  specs:
    react.rb (0.2.1)
      opal (~> 0.6.0)
      opal-activesupport (~> 0)
      react-jsx (~> 0.8.0)
      sprockets (>= 2.2.3, < 3.0.0)
      therubyracer (~> 0)

GEM
  remote: https://rubygems.org/
  specs:
    execjs (2.5.2)
    hike (1.2.3)
    json (1.8.2)
    libv8 (3.16.14.7)
    multi_json (1.11.0)
    opal (0.6.3)
      source_map
      sprockets
    opal-activesupport (0.1.0)
      opal (>= 0.5.0, < 1.0.0)
    opal-jquery (0.2.0)
      opal (>= 0.5.0, < 1.0.0)
    opal-rspec (0.3.0.beta3)
      opal (>= 0.6.0, < 1.0.0)
    rack (1.6.0)
    rake (10.4.2)
    react-jsx (0.8.0)
      execjs (>= 2.0.2)
      json (>= 1.8.0)
      react-source (>= 0.4.1)
    react-source (0.13.2)
    ref (1.0.5)
    source_map (3.0.1)
      json
    sprockets (2.12.3)
      hike (~> 1.2)
      multi_json (~> 1.0)
      rack (~> 1.0)
      tilt (~> 1.1, != 1.3.0)
    therubyracer (0.12.2)
      libv8 (~> 3.16.14.0)
      ref
    tilt (1.4.1)

PLATFORMS
  ruby

DEPENDENCIES
  opal-rspec (= 0.3.0.beta3)
  rake
  react.rb!
  vienna!
