GIT
  remote: git://github.com/opal/vienna.git
  revision: 593335cbd7fb99ce471fa720e9b9c849d99b8dda
  ref: 593335cbd7fb99ce471fa720e9b9c849d99b8dda
  specs:
    vienna (0.0.2)
      opal (>= 0.5.0, < 1.0.0)
      opal-activesupport
      opal-jquery

PATH
  remote: ../..
  specs:
    react.rb (0.2.1)
      opal (~> 0.6.0)
      opal-activesupport (~> 0)
      sprockets-es6 (~> 0)
      therubyracer (~> 0)

GEM
  remote: https://rubygems.org/
  specs:
    babel-source (5.0.12)
    babel-transpiler (0.7.0)
      babel-source (>= 4.0, < 6)
      execjs (~> 2.0)
    execjs (2.5.2)
    json (1.8.2)
    libv8 (3.16.14.7)
    opal (0.6.3)
      source_map
      sprockets
    opal-activesupport (0.1.0)
      opal (>= 0.5.0, < 1.0.0)
    opal-jquery (0.2.0)
      opal (>= 0.5.0, < 1.0.0)
    opal-rspec (0.3.0.beta3)
      opal (>= 0.6.0, < 1.0.0)
    rack (1.6.0)
    rake (10.4.2)
    react-source (0.12.2)
    ref (1.0.5)
    source_map (3.0.1)
      json
    sprockets (3.0.0.rc.2)
      rack (~> 1.0)
    sprockets-es6 (0.6.0)
      babel-transpiler
      sprockets (~> 3.0.0.beta)
    therubyracer (0.12.2)
      libv8 (~> 3.16.14.0)
      ref
    tilt (2.0.1)

PLATFORMS
  ruby

DEPENDENCIES
  opal-rspec (= 0.3.0.beta3)
  rake
  react-source (~> 0.12.0)
  react.rb!
  tilt (~> 2.0.0)
  vienna!
