GIT
  remote: https://github.com/catprintlabs/opal.git
  revision: 3682db6f2b23a584787a68d5338a7ee9cb35565a
  specs:
    opal (0.7.1)
      hike (~> 1.2)
      sourcemap (~> 0.1.0)
      sprockets (>= 2.2.3, < 4.0.0)
      tilt (~> 1.4)

PATH
  remote: ../..
  specs:
    opal-react (0.1.1)
      opal
      opal-activesupport

GEM
  remote: http://rubygems.org/
  specs:
    hike (1.2.3)
    opal-activesupport (0.1.0)
      opal (>= 0.5.0, < 1.0.0)
    opal-jquery (0.4.0)
      opal (>= 0.7.0, < 0.9.0)
    rack (1.6.4)
    rack-protection (1.5.3)
      rack
    react-source (0.13.3)
    sinatra (1.4.6)
      rack (~> 1.4)
      rack-protection (~> 1.4)
      tilt (>= 1.3, < 3)
    sourcemap (0.1.1)
    sprockets (3.2.0)
      rack (~> 1.0)
    tilt (1.4.1)

PLATFORMS
  ruby

DEPENDENCIES
  opal!
  opal-jquery
  opal-react!
  react-source
  sinatra

BUNDLED WITH
   1.10.2
