PATH
  remote: ../..
  specs:
    react.rb (0.1.0)
      opal (~> 0.6.0)
      opal-activesupport
      sprockets-es6
      therubyracer

GEM
  remote: https://rubygems.org/
  specs:
    babel-source (4.7.16)
    babel-transpiler (0.6.0)
      babel-source (>= 4.0, < 5)
      execjs (~> 2.0)
    execjs (2.4.0)
    json (1.8.2)
    libv8 (3.16.14.7)
    opal (0.6.3)
      source_map
      sprockets
    opal-activesupport (0.1.0)
      opal (>= 0.5.0, < 1.0.0)
    opal-browser (0.2.0.beta1)
      opal (~> 0.6.0)
      paggio
    paggio (0.2.4)
    rack (1.6.0)
    rack-protection (1.5.3)
      rack
    react-source (0.12.2)
    ref (1.0.5)
    sinatra (1.4.5)
      rack (~> 1.4)
      rack-protection (~> 1.4)
      tilt (~> 1.3, >= 1.3.4)
    source_map (3.0.1)
      json
    sprockets (3.0.0.beta.8)
      rack (~> 1.0)
    sprockets-es6 (0.6.0)
      babel-transpiler
      sprockets (~> 3.0.0.beta)
    therubyracer (0.12.1)
      libv8 (~> 3.16.14.0)
      ref
    tilt (1.4.1)

PLATFORMS
  ruby

DEPENDENCIES
  opal-browser
  react-source
  react.rb!
  sinatra
